GEM
  remote: https://rubygems.org/
  specs:
    bitcoin-ruby (0.0.6)
    counterparty_ruby (0.9.0)
      bitcoin-ruby
      ffi
      rest_client
    ffi (1.9.8)
    netrc (0.7.9)
    rest_client (1.8.3)
      netrc (~> 0.7.7)

PLATFORMS
  ruby

DEPENDENCIES
  counterparty_ruby
